GEM
  remote: https://rubygems.org/
  specs:
    addressable (2.5.2)
      public_suffix (>= 2.0.2, < 4.0)
    amq-protocol (2.3.0)
    ast (2.3.0)
    bunny (2.9.1)
      amq-protocol (~> 2.3.0)
    byebug (9.1.0)
    capybara (2.17.0)
      addressable
      mini_mime (>= 0.1.3)
      nokogiri (>= 1.3.3)
      rack (>= 1.0.0)
      rack-test (>= 0.5.4)
      xpath (>= 2.0, < 4.0)
    capybara-screenshot (1.0.18)
      capybara (>= 1.0, < 3)
      launchy
    capybara-select2 (1.0.1)
      capybara
      rspec
    cliver (0.3.2)
    concurrent-ruby (1.0.5)
    diff-lcs (1.3)
    faker (1.8.7)
      i18n (>= 0.7)
    ffi (1.9.18)
    govuk-lint (3.4.0)
      rubocop (~> 0.51.0)
      rubocop-rspec (~> 1.19.0)
      scss_lint
    httparty (0.15.6)
      multi_xml (>= 0.5.2)
    i18n (0.9.1)
      concurrent-ruby (~> 1.0)
    launchy (2.4.3)
      addressable (~> 2.3)
    mini_mime (1.0.0)
    mini_portile2 (2.3.0)
    multi_xml (0.6.0)
    nokogiri (1.8.1)
      mini_portile2 (~> 2.3.0)
    parallel (1.12.1)
    parallel_tests (2.19.0)
      parallel
    parser (2.4.0.2)
      ast (~> 2.3)
    plek (2.0.0)
    poltergeist (1.17.0)
      capybara (~> 2.1)
      cliver (~> 0.3.1)
      websocket-driver (>= 0.2.0)
    powerpack (0.1.1)
    public_suffix (3.0.1)
    rack (2.0.3)
    rack-test (0.8.2)
      rack (>= 1.0, < 3)
    rainbow (2.2.2)
      rake
    rake (12.3.0)
    rb-fsevent (0.10.2)
    rb-inotify (0.9.10)
      ffi (>= 0.5.0, < 2)
    rotp (3.3.0)
    rspec (3.7.0)
      rspec-core (~> 3.7.0)
      rspec-expectations (~> 3.7.0)
      rspec-mocks (~> 3.7.0)
    rspec-core (3.7.1)
      rspec-support (~> 3.7.0)
    rspec-expectations (3.7.0)
      diff-lcs (>= 1.2.0, < 2.0)
      rspec-support (~> 3.7.0)
    rspec-mocks (3.7.0)
      diff-lcs (>= 1.2.0, < 2.0)
      rspec-support (~> 3.7.0)
    rspec-support (3.7.0)
    rspec_junit_formatter (0.3.0)
      rspec-core (>= 2, < 4, != 2.12.0)
    rubocop (0.51.0)
      parallel (~> 1.10)
      parser (>= 2.3.3.1, < 3.0)
      powerpack (~> 0.1)
      rainbow (>= 2.2.2, < 3.0)
      ruby-progressbar (~> 1.7)
      unicode-display_width (~> 1.0, >= 1.0.1)
    rubocop-rspec (1.19.0)
      rubocop (>= 0.51.0)
    ruby-progressbar (1.9.0)
    sass (3.5.5)
      sass-listen (~> 4.0.0)
    sass-listen (4.0.0)
      rb-fsevent (~> 0.9, >= 0.9.4)
      rb-inotify (~> 0.9, >= 0.9.7)
    scss_lint (0.56.0)
      rake (>= 0.9, < 13)
      sass (~> 3.5.3)
    unicode-display_width (1.3.0)
    websocket-driver (0.7.0)
      websocket-extensions (>= 0.1.0)
    websocket-extensions (0.1.3)
    xpath (3.0.0)
      nokogiri (~> 1.8)

PLATFORMS
  ruby

DEPENDENCIES
  bunny
  byebug
  capybara
  capybara-screenshot
  capybara-select2
  faker (~> 1.6)
  govuk-lint
  httparty
  parallel_tests
  plek (~> 2.0)
  poltergeist
  rake
  rotp
  rspec
  rspec_junit_formatter

BUNDLED WITH
   1.16.0
